GEM
  remote: http://rubygems.org/
  specs:
    builder (3.0.0)
    diff-lcs (1.1.3)
    haml (3.1.4)
    json_pure (1.6.5)
    mime-types (1.17.2)
    nokogiri (1.5.0)
    rack (1.4.1)
    rack-protection (1.2.0)
      rack
    rack-test (0.6.1)
      rack (>= 1.0)
    rbvmomi (1.5.0)
      builder
      nokogiri (>= 1.4.1)
      trollop
    redis (2.2.2)
    rest-client (1.6.7)
      mime-types (>= 1.16)
    rspec (2.6.0)
      rspec-core (~> 2.6.0)
      rspec-expectations (~> 2.6.0)
      rspec-mocks (~> 2.6.0)
    rspec-core (2.6.4)
    rspec-expectations (2.6.0)
      diff-lcs (~> 1.1.2)
    rspec-mocks (2.6.0)
    sinatra (1.3.2)
      rack (~> 1.3, >= 1.3.6)
      rack-protection (~> 1.2)
      tilt (~> 1.3, >= 1.3.3)
    tilt (1.3.3)
    trollop (1.16.2)

PLATFORMS
  ruby

DEPENDENCIES
  haml (>= 3.1.2)
  json_pure (>= 1.5.4)
  mime-types (>= 1.16)
  rack (= 1.4.1)
  rack-test (>= 0.6.1)
  rbvmomi (>= 1.5.0)
  redis (= 2.2.2)
  rest-client (>= 1.6.7)
  rspec (~> 2.6.0)
  sinatra (= 1.3.2)
